GEM
  remote: https://rubygems.org/
  specs:
    activesupport (4.0.2)
      i18n (~> 0.6, >= 0.6.4)
      minitest (~> 4.2)
      multi_json (~> 1.3)
      thread_safe (~> 0.1)
      tzinfo (~> 0.3.37)
    atomic (1.1.14)
    chronic (0.10.2)
    ffi (1.0.11)
    i18n (0.6.9)
    libnotify (0.8.2)
      ffi (>= 1.0.11)
    minitest (4.7.5)
    multi_json (1.8.2)
    rake (10.1.0)
    thread_safe (0.1.3)
      atomic
    tzinfo (0.3.38)
    whenever (0.9.2)
      activesupport (>= 2.3.4)
      chronic (>= 0.6.3)

PLATFORMS
  ruby

DEPENDENCIES
  libnotify
  rake
  whenever
